GEM
  remote: http://rubygems.org/
  specs:
    faraday (0.8.1)
      multipart-post (~> 1.1)
    hashie (1.2.0)
    httpauth (0.1)
    json (1.7.3)
    multi_json (1.3.6)
    multipart-post (1.1.5)
    newrelic_rpm (3.3.5)
    nokogiri (1.5.3)
    oauth (0.4.6)
    oauth2 (0.6.1)
      faraday (~> 0.7)
      httpauth (~> 0.1)
      multi_json (~> 1.3)
    omniauth (1.1.0)
      hashie (~> 1.2)
      rack
    omniauth-facebook (1.3.0)
      omniauth-oauth2 (~> 1.0.2)
    omniauth-oauth (1.0.1)
      oauth
      omniauth (~> 1.0)
    omniauth-oauth2 (1.0.2)
      oauth2 (~> 0.6.0)
      omniauth (~> 1.0)
    omniauth-twitter (0.0.11)
      multi_json (~> 1.3)
      omniauth-oauth (~> 1.0)
    pg (0.13.2)
    rack (1.4.1)
    rack-protection (1.2.0)
      rack
    rack_csrf (2.4.0)
      rack (>= 0.9)
    rake (0.9.2.2)
    sanitize (2.0.3)
      nokogiri (>= 1.4.4, < 1.6)
    sass (3.1.19)
    sequel (3.36.1)
    sinatra (1.3.2)
      rack (~> 1.3, >= 1.3.6)
      rack-protection (~> 1.2)
      tilt (~> 1.3, >= 1.3.3)
    sqlite3 (1.3.6)
    tilt (1.3.3)

PLATFORMS
  ruby

DEPENDENCIES
  json
  multi_json
  newrelic_rpm
  omniauth-facebook
  omniauth-twitter
  pg
  rack (~> 1.4.1)
  rack_csrf
  rake
  sanitize
  sass
  sequel
  sinatra
  sqlite3
