GIT
  remote: git://github.com/intridea/oauth2.git
  revision: 1d33069a27e3f72d25211c428605b8efe2dd76b4
  specs:
    oauth2 (0.5.1)
      faraday (~> 0.7.4)
      multi_json (~> 1.0.3)

GEM
  remote: http://rubygems.org/
  specs:
    addressable (2.2.6)
    faraday (0.7.5)
      addressable (~> 2.2.6)
      multipart-post (~> 1.1.3)
      rack (>= 1.1.0, < 2)
    json (1.6.1)
    multi_json (1.0.3)
    multipart-post (1.1.3)
    pg (0.11.0)
    rack (1.3.5)
    rack-protection (1.1.4)
      rack
    sass (3.1.10)
    sequel (3.29.0)
    sinatra (1.3.1)
      rack (~> 1.3, >= 1.3.4)
      rack-protection (~> 1.1, >= 1.1.2)
      tilt (~> 1.3, >= 1.3.3)
    sqlite3 (1.3.4)
    tilt (1.3.3)

PLATFORMS
  ruby

DEPENDENCIES
  json
  oauth2!
  pg
  sass
  sequel
  sinatra
  sqlite3
