GIT
  remote: https://github.com/intridea/omniauth.git
  revision: 21b8db64c31a8efa049ac4d81bcb10d0e4de5f43
  specs:
    omniauth (1.0.2)
      hashie (~> 1.2)
      rack

GEM
  remote: http://rubygems.org/
  specs:
    hashie (1.2.0)
    json (1.6.5)
    multi_json (1.0.4)
    nokogiri (1.5.0)
    oauth (0.4.5)
    omniauth-oauth (1.0.0)
      oauth
      omniauth (~> 1.0)
    omniauth-twitter (0.0.7)
      omniauth-oauth (~> 1.0)
    pg (0.13.1)
    rack (1.4.1)
    rack-protection (1.2.0)
      rack
    rack_csrf (2.3.0)
      rack (>= 0.9)
    rake (0.9.2.2)
    sanitize (2.0.3)
      nokogiri (>= 1.4.4, < 1.6)
    sass (3.1.15)
    sequel (3.32.0)
    sinatra (1.3.2)
      rack (~> 1.3, >= 1.3.6)
      rack-protection (~> 1.2)
      tilt (~> 1.3, >= 1.3.3)
    sqlite3 (1.3.5)
    tilt (1.3.3)

PLATFORMS
  ruby

DEPENDENCIES
  json
  multi_json
  oauth
  omniauth!
  omniauth-twitter
  pg
  rack (~> 1.4.1)
  rack_csrf
  rake
  sanitize
  sass
  sequel
  sinatra
  sqlite3
