GEM
  remote: http://rubygems.org/
  specs:
    json (1.6.1)
    oauth (0.4.5)
    pg (0.11.0)
    rack (1.3.5)
    rack-protection (1.1.4)
      rack
    sass (3.1.10)
    sequel (3.29.0)
    sinatra (1.3.1)
      rack (~> 1.3, >= 1.3.4)
      rack-protection (~> 1.1, >= 1.1.2)
      tilt (~> 1.3, >= 1.3.3)
    sqlite3 (1.3.4)
    tilt (1.3.3)

PLATFORMS
  ruby

DEPENDENCIES
  json
  oauth
  pg
  sass
  sequel
  sinatra
  sqlite3
